PATH
  remote: .
  specs:
    sms-global (0.1.0)

GEM
  remote: https://rubygems.org/
  specs:
    byebug (11.0.1)
    minitest (5.13.0)
    rake (10.5.0)

PLATFORMS
  ruby

DEPENDENCIES
  bundler (~> 2.0)
  byebug (~> 11.0.0)
  minitest (~> 5.0)
  rake (~> 10.0)
  sms-global!

BUNDLED WITH
   2.0.2
